GIT
  remote: git://github.com/Hobo/hobo_omniauth.git
  revision: 2cb81c9e85d10fd748be4a7ff0f95bba417bdda1
  specs:
    hobo_omniauth (0.0.1)
      hobo
      omniauth (~> 1.1)

GIT
  remote: git://github.com/Hobo/hobo_paperclip.git
  revision: abb4e77b849e78be9f1594b7304b71dc5a76157d
  branch: master
  specs:
    hobo_paperclip (0.0.4)
      hobo
      paperclip

GIT
  remote: git://github.com/Hobo/hobo_tokeninput.git
  revision: 271317004e0a3c6fd6083405b30193e3fbbae0ba
  specs:
    hobo_tokeninput (0.0.1)
      hobo (> 1.4.0.pre5)

GIT
  remote: git://github.com/ericallam/font_assets
  revision: 457dcfddc4318e83679e9a0935612924b7717085
  specs:
    font_assets (0.1.11)
      rack

GIT
  remote: git://github.com/gabriprat/morrisjs-rails
  revision: 1801865eccbca0449a988c6cf8f776a9d9261f34
  specs:
    morrisjs-rails (0.5.1)
      railties (> 3.1, < 5)

GIT
  remote: git://github.com/mattconnolly/ruby-openid.git
  revision: b768666fc97cfaa17fb1dc38fcd7b1073884c4c1
  specs:
    ruby-openid (2.6.0)

GEM
  remote: https://rubygems.org/
  specs:
    RedCloth (4.2.9)
    RedCloth (4.2.9-java)
    actionmailer (4.0.10)
      actionpack (= 4.0.10)
      mail (~> 2.5, >= 2.5.4)
    actionmailer_inline_css (1.5.3)
      actionmailer (>= 3.0.0)
      nokogiri (>= 1.4.4)
      premailer (>= 1.7.1)
    actionpack (4.0.10)
      activesupport (= 4.0.10)
      builder (~> 3.1.0)
      erubis (~> 2.7.0)
      rack (~> 1.5.2)
      rack-test (~> 0.6.2)
    active_record_query_trace (1.3)
    activemodel (4.0.10)
      activesupport (= 4.0.10)
      builder (~> 3.1.0)
    activerecord (4.0.10)
      activemodel (= 4.0.10)
      activerecord-deprecated_finders (~> 1.0.2)
      activesupport (= 4.0.10)
      arel (~> 4.0.0)
    activerecord-deprecated_finders (1.0.3)
    activesupport (4.0.10)
      i18n (~> 0.6, >= 0.6.9)
      minitest (~> 4.2)
      multi_json (~> 1.3)
      thread_safe (~> 0.1)
      tzinfo (~> 0.3.37)
    acts_as_list (0.6.0)
      activerecord (>= 3.0)
    addressable (2.3.7)
    arel (4.0.2)
    aws-sdk-v1 (1.62.0)
      json (~> 1.4)
      nokogiri (>= 1.4.4)
    bitmask_attributes (1.0.0)
      activerecord (>= 3.1)
    bootstrap-datepicker-rails (1.3.1.1)
      railties (>= 3.0)
    bootstrap-sass (2.3.2.2)
      sass (~> 3.2)
    builder (3.1.4)
    climate_control (0.0.3)
      activesupport (>= 3.0)
    clockwork (1.1.0)
      activesupport
      tzinfo
    cocaine (0.5.5)
      climate_control (>= 0.0.3, < 1.0)
    coffee-rails (4.1.0)
      coffee-script (>= 2.2.0)
      railties (>= 4.0.0, < 5.0)
    coffee-script (2.3.0)
      coffee-script-source
      execjs
    coffee-script-source (1.9.0)
    css_parser (1.3.6)
      addressable
    dalli (2.7.2)
    delayed_job (4.0.6)
      activesupport (>= 3.0, < 5.0)
    delayed_job_active_record (4.0.3)
      activerecord (>= 3.0, < 5.0)
      delayed_job (>= 3.0, < 4.1)
    delocalize (0.4.0)
      rails (>= 3.0)
    detect_timezone_rails (0.0.5)
      railties (>= 3.1)
    dryml (2.1.1)
      actionpack (~> 4.0.2)
      hobo_support (= 2.1.1)
    erubis (2.7.0)
    excon (0.44.2)
    execjs (2.3.0)
    faraday (0.9.1)
      multipart-post (>= 1.2, < 3)
    font-awesome-sass (4.3.1)
      sass (~> 3.2)
    hashie (3.4.0)
    heroku-deflater (0.5.3)
      rack (>= 1.4.5)
    hike (1.2.3)
    hobo (2.1.1)
      dryml (= 2.1.1)
      hobo_fields (= 2.1.1)
      hobo_support (= 2.1.1)
      hobo_will_paginate
    hobo_bootstrap (2.1.1)
      bootstrap-sass (~> 2.1)
      hobo_jquery (>= 2.0)
      hobo_will_paginate-bootstrap
    hobo_bootstrap_ui (2.1.1)
      bootstrap-datepicker-rails
      hobo_bootstrap (>= 2.0)
    hobo_fields (2.1.1)
      hobo_support (= 2.1.1)
    hobo_jquery (2.1.1)
      hobo_rapid (= 2.1.1)
      jquery-rails (~> 2.0)
    hobo_jquery_ui (2.1.1)
      hobo (= 2.1.1)
      hobo_jquery (= 2.1.1)
      jquery-ui-themes (~> 0.0.4)
    hobo_rapid (2.1.1)
      hobo (= 2.1.1)
    hobo_support (2.1.1)
      rails (~> 4.0.2)
    hobo_will_paginate (2.1.1)
    hobo_will_paginate-bootstrap (1.0.0)
      hobo_will_paginate
    htmlentities (4.3.1)
    http_accept_language (2.0.5)
    httparty (0.13.3)
      json (~> 1.8)
      multi_xml (>= 0.5.2)
    i18n (0.7.0)
    jquery-rails (2.3.0)
      railties (>= 3.0, < 5.0)
      thor (>= 0.14, < 2.0)
    jquery-ui-themes (0.0.11)
      httparty
    json (1.8.2)
    json (1.8.2-java)
    jwt (1.2.1)
    mail (2.6.3)
      mime-types (>= 1.16, < 3)
    memcache-client (1.8.5)
    memcachier (0.0.2)
    mime-types (2.4.3)
    mini_portile (0.6.2)
    minitest (4.7.5)
    multi_json (1.10.1)
    multi_xml (0.5.5)
    multipart-post (2.0.0)
    murmurhash3 (0.1.6)
    murmurhash3 (0.1.6-java)
    nested_has_many_through (0.0.2)
      rails (>= 3.0.0)
    newrelic_rpm (3.9.9.275)
    nokogiri (1.6.6.2)
      mini_portile (~> 0.6.0)
    nokogiri (1.6.6.2-java)
    oauth2 (1.0.0)
      faraday (>= 0.8, < 0.10)
      jwt (~> 1.0)
      multi_json (~> 1.3)
      multi_xml (~> 0.5)
      rack (~> 1.2)
    omniauth (1.2.2)
      hashie (>= 1.2, < 4)
      rack (~> 1.0)
    omniauth-google-oauth2 (0.2.6)
      omniauth (> 1.0)
      omniauth-oauth2 (~> 1.1)
    omniauth-oauth2 (1.2.0)
      faraday (>= 0.8, < 0.10)
      multi_json (~> 1.3)
      oauth2 (~> 1.0)
      omniauth (~> 1.2)
    omniauth-openid (1.0.1)
      omniauth (~> 1.0)
      rack-openid (~> 1.3.1)
    paperclip (4.2.1)
      activemodel (>= 3.0.0)
      activesupport (>= 3.0.0)
      cocaine (~> 0.5.3)
      mime-types
    pg (0.18.1)
    premailer (1.8.3)
      css_parser (>= 1.3.6)
      htmlentities (>= 4.0.0, <= 4.3.1)
    protected_attributes (1.0.8)
      activemodel (>= 4.0.1, < 5.0)
    puma (2.11.1)
      rack (>= 1.1, < 2.0)
    puma (2.11.1-java)
      rack (>= 1.1, < 2.0)
    quiet_assets (1.1.0)
      railties (>= 3.1, < 5.0)
    rack (1.5.2)
    rack-openid (1.3.1)
      rack (>= 1.1.0)
      ruby-openid (>= 2.1.8)
    rack-test (0.6.3)
      rack (>= 1.0)
    rails (4.0.10)
      actionmailer (= 4.0.10)
      actionpack (= 4.0.10)
      activerecord (= 4.0.10)
      activesupport (= 4.0.10)
      bundler (>= 1.3.0, < 2.0)
      railties (= 4.0.10)
      sprockets-rails (~> 2.0)
    rails-observers (0.1.2)
      activemodel (~> 4.0)
    rails_12factor (0.0.3)
      rails_serve_static_assets
      rails_stdout_logging
    rails_serve_static_assets (0.0.4)
    rails_stdout_logging (0.0.3)
    railties (4.0.10)
      actionpack (= 4.0.10)
      activesupport (= 4.0.10)
      rake (>= 0.8.7)
      thor (>= 0.18.1, < 2.0)
    rake (10.4.2)
    raphaeljs-rails (2.1.2)
      railties
    request_store (1.1.0)
    ruby-hmac (0.4.0)
    sass (3.4.12)
    sass-rails (5.0.1)
      railties (>= 4.0.0, < 5.0)
      sass (~> 3.1)
      sprockets (>= 2.8, < 4.0)
      sprockets-rails (>= 2.0, < 4.0)
      tilt (~> 1.1)
    sprockets (2.12.3)
      hike (~> 1.2)
      multi_json (~> 1.0)
      rack (~> 1.0)
      tilt (~> 1.1, != 1.3.0)
    sprockets-rails (2.2.4)
      actionpack (>= 3.0)
      activesupport (>= 3.0)
      sprockets (>= 2.8, < 4.0)
    thor (0.19.1)
    thread_safe (0.3.4)
    thread_safe (0.3.4-java)
    tilt (1.4.1)
    tzinfo (0.3.43)
    uglifier (2.7.0)
      execjs (>= 0.3.0)
      json (>= 1.8.0)
    wicked_pdf (0.11.0)
      rails
    wkhtmltopdf-binary (0.9.9.3)
    yui-compressor (0.12.0)

PLATFORMS
  java
  ruby

DEPENDENCIES
  RedCloth
  actionmailer_inline_css
  active_record_query_trace
  acts_as_list
  aws-sdk-v1
  bitmask_attributes
  clockwork
  coffee-rails
  dalli
  delayed_job_active_record
  delocalize
  detect_timezone_rails
  excon
  faraday
  font-awesome-sass
  font_assets!
  heroku-deflater
  hobo
  hobo_bootstrap
  hobo_bootstrap_ui
  hobo_jquery_ui
  hobo_omniauth!
  hobo_paperclip!
  hobo_tokeninput!
  hobo_will_paginate
  http_accept_language
  jquery-rails
  jquery-ui-themes
  json
  memcache-client
  memcachier
  morrisjs-rails!
  murmurhash3
  nested_has_many_through
  newrelic_rpm
  omniauth-google-oauth2
  omniauth-openid
  paperclip
  pg
  protected_attributes
  puma
  quiet_assets
  rails (= 4.0.10)
  rails-observers
  rails_12factor
  raphaeljs-rails
  request_store
  ruby-hmac
  ruby-openid!
  sass-rails
  uglifier (>= 1.3.0)
  wicked_pdf
  wkhtmltopdf-binary
  yui-compressor
