GIT
  remote: git://github.com/Hobo/hobo_paperclip.git
  revision: abb4e77b849e78be9f1594b7304b71dc5a76157d
  branch: master
  specs:
    hobo_paperclip (0.0.4)
      hobo
      paperclip

GIT
  remote: git://github.com/Hobo/hobo_tokeninput.git
  revision: 271317004e0a3c6fd6083405b30193e3fbbae0ba
  specs:
    hobo_tokeninput (0.0.1)
      hobo (> 1.4.0.pre5)

GIT
  remote: git://github.com/ericallam/font_assets
  revision: ae6671f2aca867a1103bae2fdaaeb91cf71d6639
  specs:
    font_assets (0.1.12)
      rack

GIT
  remote: git://github.com/gabriprat/hobo_omniauth.git
  revision: c6e44f521d40928d472d5534472244dc0d38e040
  specs:
    hobo_omniauth (0.0.1)
      hobo
      omniauth (~> 1.1)

GIT
  remote: git://github.com/gabriprat/morrisjs-rails
  revision: 7b3fd14fc43e5bb3b6b16a08c20e170075d52575
  specs:
    morrisjs-rails (0.5.1)
      railties (> 3.1, < 5)

GIT
  remote: git://github.com/informatom/hobo_bootstrap.git
  revision: a065167a94ec64c96eb0797d8050f5497a9be6ce
  ref: a065167a94ec64c96eb0797d8050f5497a9be6ce
  branch: bootstrap3
  specs:
    hobo_bootstrap (2.1.0)
      bootstrap-sass (~> 3.3.4)
      hobo_jquery (>= 2.0)
      hobo_will_paginate-bootstrap
      sass-rails (>= 3.2)
      sprockets-rails (>= 2.1.4)

GIT
  remote: git://github.com/informatom/hobo_bootstrap_ui.git
  revision: d562647bf5916b141690838055e3eb966e0e6459
  branch: bootstrap3
  specs:
    hobo_bootstrap_ui (2.1.1)
      bootstrap-datepicker-rails
      hobo_bootstrap (>= 2.0)

GIT
  remote: git://github.com/rykov/resque-delay.git
  revision: f255371a0ec73f7379f36f7b4bcaa217170f6070
  specs:
    resque-delay (0.6.0)
      resque (>= 1.25)
      resque-scheduler (>= 4.0.0)

GIT
  remote: https://github.com/gabriprat/delocalize.git
  revision: 11a5205b2a161f1cf54b3b68442e611ab3a11873
  specs:
    delocalize (0.4.0)
      rails (>= 3.0)

GEM
  remote: https://rubygems.org/
  specs:
    RedCloth (4.2.9)
    RedCloth (4.2.9-java)
    actionmailer (4.2.5)
      actionpack (= 4.2.5)
      actionview (= 4.2.5)
      activejob (= 4.2.5)
      mail (~> 2.5, >= 2.5.4)
      rails-dom-testing (~> 1.0, >= 1.0.5)
    actionmailer_inline_css (1.5.3)
      actionmailer (>= 3.0.0)
      nokogiri (>= 1.4.4)
      premailer (>= 1.7.1)
    actionpack (4.2.5)
      actionview (= 4.2.5)
      activesupport (= 4.2.5)
      rack (~> 1.6)
      rack-test (~> 0.6.2)
      rails-dom-testing (~> 1.0, >= 1.0.5)
      rails-html-sanitizer (~> 1.0, >= 1.0.2)
    actionview (4.2.5)
      activesupport (= 4.2.5)
      builder (~> 3.1)
      erubis (~> 2.7.0)
      rails-dom-testing (~> 1.0, >= 1.0.5)
      rails-html-sanitizer (~> 1.0, >= 1.0.2)
    active_record_query_trace (1.5.2)
    activejob (4.2.5)
      activesupport (= 4.2.5)
      globalid (>= 0.3.0)
    activemodel (4.2.5)
      activesupport (= 4.2.5)
      builder (~> 3.1)
    activerecord (4.2.5)
      activemodel (= 4.2.5)
      activesupport (= 4.2.5)
      arel (~> 6.0)
    activesupport (4.2.5)
      i18n (~> 0.7)
      json (~> 1.7, >= 1.7.7)
      minitest (~> 5.1)
      thread_safe (~> 0.3, >= 0.3.4)
      tzinfo (~> 1.1)
    acts_as_list (0.7.2)
      activerecord (>= 3.0)
    addressable (2.3.8)
    amoeba (3.0.0)
      activerecord (>= 3.2.6)
    ancestry (2.1.0)
      activerecord (>= 3.0.0)
    ansi (1.5.0)
    arel (6.0.3)
    autoprefixer-rails (6.1.0.1)
      execjs
      json
    aws-sdk-v1 (1.66.0)
      json (~> 1.4)
      nokogiri (>= 1.4.4)
    benchmark-ips (2.3.0)
    bitmask_attributes (1.0.0)
      activerecord (>= 3.1)
    bootbox-rails (0.5.0)
    bootstrap-datepicker-rails (1.5.0)
      railties (>= 3.0)
    bootstrap-sass (3.3.5.1)
      autoprefixer-rails (>= 5.0.0.1)
      sass (>= 3.3.0)
    bootstrap-switch-rails (3.3.3)
    builder (3.2.2)
    climate_control (0.0.3)
      activesupport (>= 3.0)
    clockwork (1.2.0)
      activesupport
      tzinfo
    cocaine (0.5.7)
      climate_control (>= 0.0.3, < 1.0)
    coffee-rails (4.1.0)
      coffee-script (>= 2.2.0)
      railties (>= 4.0.0, < 5.0)
    coffee-script (2.4.1)
      coffee-script-source
      execjs
    coffee-script-source (1.10.0)
    css_parser (1.3.7)
      addressable
    derailed (0.1.0)
      derailed_benchmarks
    derailed_benchmarks (1.1.3)
      benchmark-ips (~> 2)
      get_process_mem (~> 0)
      heapy (~> 0)
      memory_profiler (~> 0)
      rack (~> 1)
      rake (~> 10)
      thor (~> 0.19)
    detect_timezone_rails (0.0.5)
      railties (>= 3.1)
    dryml (2.2.3)
      actionpack
      hobo_support (= 2.2.3)
    erubis (2.7.0)
    excon (0.45.4)
    execjs (2.6.0)
    faraday (0.9.2)
      multipart-post (>= 1.2, < 3)
    flipper (0.7.1)
    flipper-activerecord (0.1.1)
      activerecord (>= 4.2.0.beta2)
      flipper (~> 0.6)
    flipper-ui (0.7.1)
      erubis (~> 2.7.0)
      flipper (~> 0.7.1)
      rack (~> 1.4, < 1.7)
      rack-protection (~> 1.5.3)
    get_process_mem (0.2.0)
    globalid (0.3.6)
      activesupport (>= 4.1.0)
    hashie (3.4.3)
    heapy (0.1.1)
    hobo (2.2.3)
      dryml (= 2.2.3)
      hobo_fields (= 2.2.3)
      hobo_support (= 2.2.3)
      hobo_will_paginate
    hobo_fields (2.2.3)
      hobo_support (= 2.2.3)
    hobo_jquery (2.2.3)
      hobo_rapid (= 2.2.3)
      jquery-rails (~> 2.0)
    hobo_jquery_ui (2.2.3)
      hobo (= 2.2.3)
      hobo_jquery (= 2.2.3)
      jquery-ui-themes (~> 0.0.4)
    hobo_rapid (2.2.3)
      hobo (= 2.2.3)
    hobo_support (2.2.3)
      rails (~> 4.2.4)
    hobo_will_paginate (2.1.1)
    hobo_will_paginate-bootstrap (1.0.0)
      hobo_will_paginate
    htmlentities (4.3.4)
    http_accept_language (2.0.5)
    httparty (0.13.7)
      json (~> 1.8)
      multi_xml (>= 0.5.2)
    i18n (0.7.0)
    immigrant (0.3.4)
      activerecord (>= 3.0)
    jquery-cookie-rails (1.3.1.1)
      railties (>= 3.2.0, < 5.0)
    jquery-rails (2.3.0)
      railties (>= 3.0, < 5.0)
      thor (>= 0.14, < 2.0)
    jquery-ui-themes (0.0.11)
      httparty
    json (1.8.3)
    json (1.8.3-java)
    jwt (1.5.2)
    loofah (2.0.3)
      nokogiri (>= 1.5.9)
    macaddr (1.7.1)
      systemu (~> 2.6.2)
    mail (2.6.3)
      mime-types (>= 1.16, < 3)
    memory_profiler (0.9.6)
    metaclass (0.0.4)
    mime-types (2.6.2)
    mimemagic (0.3.0)
    mini_portile (0.6.2)
    minitest (5.8.2)
    mixpanel-ruby (2.2.0)
    mocha (1.1.0)
      metaclass (~> 0.0.1)
    mono_logger (1.1.0)
    multi_json (1.11.2)
    multi_xml (0.5.5)
    multipart-post (2.0.0)
    murmurhash3 (0.1.6)
    murmurhash3 (0.1.6-java)
    nested_has_many_through (0.0.2)
      rails (>= 3.0.0)
    newrelic_rpm (3.14.0.305)
    nokogiri (1.6.6.2)
      mini_portile (~> 0.6.0)
    nokogiri (1.6.6.2-java)
    oauth2 (1.0.0)
      faraday (>= 0.8, < 0.10)
      jwt (~> 1.0)
      multi_json (~> 1.3)
      multi_xml (~> 0.5)
      rack (~> 1.2)
    omniauth (1.2.2)
      hashie (>= 1.2, < 4)
      rack (~> 1.0)
    omniauth-google-oauth2 (0.2.10)
      addressable (~> 2.3)
      jwt (~> 1.0)
      multi_json (~> 1.3)
      omniauth (>= 1.1.1)
      omniauth-oauth2 (~> 1.3.1)
    omniauth-oauth2 (1.3.1)
      oauth2 (~> 1.0)
      omniauth (~> 1.2)
    omniauth-openid (1.0.1)
      omniauth (~> 1.0)
      rack-openid (~> 1.3.1)
    omniauth-saml (1.4.1)
      omniauth (~> 1.1)
      ruby-saml (~> 1.0.0)
    paperclip (4.3.1)
      activemodel (>= 3.2.0)
      activesupport (>= 3.2.0)
      cocaine (~> 0.5.5)
      mime-types
      mimemagic (= 0.3.0)
    papercrop (0.3.0)
      jquery-rails
      paperclip (>= 3.4)
      rails (>= 3.1)
    paranoia (2.1.4)
      activerecord (~> 4.0)
    paypal-sdk-rest (1.3.4)
      multi_json (~> 1.0)
      uuidtools (~> 2.1)
      xml-simple
    pg (0.18.4)
    premailer (1.8.6)
      css_parser (>= 1.3.6)
      htmlentities (>= 4.0.0)
    protected_attributes (1.1.3)
      activemodel (>= 4.0.1, < 5.0)
    puma (2.15.3)
    quiet_assets (1.1.0)
      railties (>= 3.1, < 5.0)
    rack (1.6.4)
    rack-openid (1.3.1)
      rack (>= 1.1.0)
      ruby-openid (>= 2.1.8)
    rack-protection (1.5.3)
      rack
    rack-test (0.6.3)
      rack (>= 1.0)
    rails (4.2.5)
      actionmailer (= 4.2.5)
      actionpack (= 4.2.5)
      actionview (= 4.2.5)
      activejob (= 4.2.5)
      activemodel (= 4.2.5)
      activerecord (= 4.2.5)
      activesupport (= 4.2.5)
      bundler (>= 1.3.0, < 2.0)
      railties (= 4.2.5)
      sprockets-rails
    rails-deprecated_sanitizer (1.0.3)
      activesupport (>= 4.2.0.alpha)
    rails-dom-testing (1.0.7)
      activesupport (>= 4.2.0.beta, < 5.0)
      nokogiri (~> 1.6.0)
      rails-deprecated_sanitizer (>= 1.0.1)
    rails-html-sanitizer (1.0.2)
      loofah (~> 2.0)
    rails-observers (0.1.2)
      activemodel (~> 4.0)
    rails_12factor (0.0.3)
      rails_serve_static_assets
      rails_stdout_logging
    rails_serve_static_assets (0.0.4)
    rails_stdout_logging (0.0.4)
    railties (4.2.5)
      actionpack (= 4.2.5)
      activesupport (= 4.2.5)
      rake (>= 0.8.7)
      thor (>= 0.18.1, < 2.0)
    rake (10.4.2)
    raphaeljs-rails (2.1.2)
      railties
    redcloth-rails (0.2.0)
      RedCloth (>= 4.2.0)
      rails (>= 3.1.0)
    redis (3.2.1)
    redis-actionpack (4.0.1)
      actionpack (~> 4)
      redis-rack (~> 1.5.0)
      redis-store (~> 1.1.0)
    redis-activesupport (4.1.5)
      activesupport (>= 3, < 5)
      redis-store (~> 1.1.0)
    redis-namespace (1.5.2)
      redis (~> 3.0, >= 3.0.4)
    redis-rack (1.5.0)
      rack (~> 1.5)
      redis-store (~> 1.1.0)
    redis-rails (4.0.0)
      redis-actionpack (~> 4)
      redis-activesupport (~> 4)
      redis-store (~> 1.1.0)
    redis-store (1.1.7)
      redis (>= 2.2)
    request_store (1.2.0)
    responders (2.1.0)
      railties (>= 4.2.0, < 5)
    resque (1.25.2)
      mono_logger (~> 1.0)
      multi_json (~> 1.0)
      redis-namespace (~> 1.3)
      sinatra (>= 0.9.2)
      vegas (~> 0.1.2)
    resque-scheduler (4.0.0)
      mono_logger (~> 1.0)
      redis (~> 3.0)
      resque (~> 1.25)
      rufus-scheduler (~> 3.0)
    ruby-hmac (0.4.0)
    ruby-openid (2.7.0)
    ruby-saml (1.0.0)
      nokogiri (>= 1.5.10)
      uuid (~> 2.3)
    rufus-scheduler (3.1.9)
    sass (3.4.19)
    sass-rails (5.0.4)
      railties (>= 4.0.0, < 5.0)
      sass (~> 3.1)
      sprockets (>= 2.8, < 4.0)
      sprockets-rails (>= 2.0, < 4.0)
      tilt (>= 1.1, < 3)
    secure_headers (2.4.3)
      user_agent_parser
    sinatra (1.4.6)
      rack (~> 1.4)
      rack-protection (~> 1.4)
      tilt (>= 1.3, < 3)
    sprockets (3.4.0)
      rack (> 1, < 3)
    sprockets-rails (2.3.3)
      actionpack (>= 3.0)
      activesupport (>= 3.0)
      sprockets (>= 2.8, < 4.0)
    systemu (2.6.5)
    thor (0.19.1)
    thread_safe (0.3.5)
    thread_safe (0.3.5-java)
    tilt (2.0.1)
    turn (0.9.6)
      ansi
    tzinfo (1.2.2)
      thread_safe (~> 0.1)
    uglifier (2.7.2)
      execjs (>= 0.3.0)
      json (>= 1.8.0)
    unscoped_associations (0.6.5)
      activerecord
    user_agent_parser (2.3.0)
    uuid (2.3.8)
      macaddr (~> 1.0)
    uuidtools (2.1.5)
    vegas (0.1.11)
      rack (>= 1.0.0)
    wicked_pdf (1.0.0)
    xml-simple (1.1.5)
    yui-compressor (0.12.0)

PLATFORMS
  java
  ruby

DEPENDENCIES
  actionmailer_inline_css
  active_record_query_trace
  acts_as_list
  amoeba
  ancestry
  aws-sdk-v1
  bitmask_attributes
  bootbox-rails
  bootstrap-sass
  bootstrap-switch-rails
  clockwork
  coffee-rails
  delocalize!
  derailed
  detect_timezone_rails
  excon
  faraday
  flipper
  flipper-activerecord
  flipper-ui
  font_assets!
  hobo
  hobo_bootstrap!
  hobo_bootstrap_ui!
  hobo_fields
  hobo_jquery_ui
  hobo_omniauth!
  hobo_paperclip!
  hobo_tokeninput!
  hobo_will_paginate
  http_accept_language
  immigrant
  jquery-cookie-rails
  jquery-rails
  jquery-ui-themes
  json
  minitest
  mixpanel-ruby
  mocha
  morrisjs-rails!
  murmurhash3
  nested_has_many_through
  newrelic_rpm
  omniauth-google-oauth2
  omniauth-openid
  omniauth-saml
  paperclip
  papercrop
  paranoia
  paypal-sdk-rest
  pg
  protected_attributes
  puma
  quiet_assets
  rails
  rails-observers
  rails_12factor
  rake
  raphaeljs-rails
  redcloth-rails
  redis-rails
  redis-store
  request_store
  responders (~> 2.0)
  resque
  resque-delay!
  ruby-hmac
  ruby-openid
  sass-rails
  secure_headers
  turn
  uglifier (>= 1.3.0)
  unscoped_associations
  wicked_pdf
  yui-compressor

BUNDLED WITH
   1.10.6
