GIT
  remote: git://github.com/Hobo/hobo_omniauth.git
  revision: 2cb81c9e85d10fd748be4a7ff0f95bba417bdda1
  specs:
    hobo_omniauth (0.0.1)
      hobo
      omniauth (~> 1.1)

GIT
  remote: git://github.com/Hobo/hobo_paperclip.git
  revision: abb4e77b849e78be9f1594b7304b71dc5a76157d
  branch: master
  specs:
    hobo_paperclip (0.0.4)
      hobo
      paperclip

GIT
  remote: git://github.com/Hobo/hobo_tokeninput.git
  revision: 271317004e0a3c6fd6083405b30193e3fbbae0ba
  specs:
    hobo_tokeninput (0.0.1)
      hobo (> 1.4.0.pre5)

GEM
  remote: https://rubygems.org/
  specs:
    RedCloth (4.2.9)
    actionmailer (4.0.10)
      actionpack (= 4.0.10)
      mail (~> 2.5, >= 2.5.4)
    actionmailer_inline_css (1.5.3)
      actionmailer (>= 3.0.0)
      nokogiri (>= 1.4.4)
      premailer (>= 1.7.1)
    actionpack (4.0.10)
      activesupport (= 4.0.10)
      builder (~> 3.1.0)
      erubis (~> 2.7.0)
      rack (~> 1.5.2)
      rack-test (~> 0.6.2)
    active_record_query_trace (1.3)
    activemodel (4.0.10)
      activesupport (= 4.0.10)
      builder (~> 3.1.0)
    activerecord (4.0.10)
      activemodel (= 4.0.10)
      activerecord-deprecated_finders (~> 1.0.2)
      activesupport (= 4.0.10)
      arel (~> 4.0.0)
    activerecord-deprecated_finders (1.0.3)
    activesupport (4.0.10)
      i18n (~> 0.6, >= 0.6.9)
      minitest (~> 4.2)
      multi_json (~> 1.3)
      thread_safe (~> 0.1)
      tzinfo (~> 0.3.37)
    acts_as_list (0.4.0)
      activerecord (>= 3.0)
    addressable (2.3.6)
    arel (4.0.2)
    aws-sdk (1.56.0)
      aws-sdk-v1 (= 1.56.0)
    aws-sdk-v1 (1.56.0)
      json (~> 1.4)
      nokogiri (>= 1.4.4)
    bitmask_attributes (1.0.0)
      activerecord (>= 3.1)
    bootstrap-datepicker-rails (1.3.0.2)
      railties (>= 3.0)
    bootstrap-sass (2.3.2.2)
      sass (~> 3.2)
    builder (3.1.4)
    climate_control (0.0.3)
      activesupport (>= 3.0)
    clockwork (1.0.0)
      activesupport
      tzinfo
    cocaine (0.5.4)
      climate_control (>= 0.0.3, < 1.0)
    coffee-rails (4.1.0)
      coffee-script (>= 2.2.0)
      railties (>= 4.0.0, < 5.0)
    coffee-script (2.3.0)
      coffee-script-source
      execjs
    coffee-script-source (1.8.0)
    commonjs (0.2.7)
    cookiejar (0.3.2)
    css_parser (1.3.5)
      addressable
    dalli (2.7.2)
    delayed_job (4.0.4)
      activesupport (>= 3.0, < 4.2)
    delayed_job_active_record (4.0.2)
      activerecord (>= 3.0, < 4.2)
      delayed_job (>= 3.0, < 4.1)
    delocalize (0.4.0)
      rails (>= 3.0)
    detect_timezone_rails (0.0.5)
      railties (>= 3.1)
    dryml (2.1.1)
      actionpack (~> 4.0.2)
      hobo_support (= 2.1.1)
    em-http-request (1.1.2)
      addressable (>= 2.3.4)
      cookiejar
      em-socksify (>= 0.3)
      eventmachine (>= 1.0.3)
      http_parser.rb (>= 0.6.0)
    em-socksify (0.3.0)
      eventmachine (>= 1.0.0.beta.4)
    erubis (2.7.0)
    eventmachine (1.0.3)
    execjs (2.2.2)
    faraday (0.9.0)
      multipart-post (>= 1.2, < 3)
    font-awesome-sass (4.2.1)
      sass (~> 3.2)
    hashie (3.3.1)
    heroku-deflater (0.5.3)
      rack (>= 1.4.5)
    hike (1.2.3)
    hobo (2.1.1)
      dryml (= 2.1.1)
      hobo_fields (= 2.1.1)
      hobo_support (= 2.1.1)
      hobo_will_paginate
    hobo_bootstrap (2.1.1)
      bootstrap-sass (~> 2.1)
      hobo_jquery (>= 2.0)
      hobo_will_paginate-bootstrap
    hobo_bootstrap_ui (2.1.1)
      bootstrap-datepicker-rails
      hobo_bootstrap (>= 2.0)
    hobo_fields (2.1.1)
      hobo_support (= 2.1.1)
    hobo_jquery (2.1.1)
      hobo_rapid (= 2.1.1)
      jquery-rails (~> 2.0)
    hobo_jquery_ui (2.1.1)
      hobo (= 2.1.1)
      hobo_jquery (= 2.1.1)
      jquery-ui-themes (~> 0.0.4)
    hobo_rapid (2.1.1)
      hobo (= 2.1.1)
    hobo_support (2.1.1)
      rails (~> 4.0.2)
    hobo_will_paginate (2.1.1)
    hobo_will_paginate-bootstrap (1.0.0)
      hobo_will_paginate
    htmlentities (4.3.2)
    http_parser.rb (0.6.0)
    httparty (0.13.1)
      json (~> 1.8)
      multi_xml (>= 0.5.2)
    i18n (0.6.11)
    jquery-rails (2.3.0)
      railties (>= 3.0, < 5.0)
      thor (>= 0.14, < 2.0)
    jquery-ui-themes (0.0.11)
      httparty
    json (1.8.1)
    jwt (1.0.0)
    kgio (2.9.2)
    less (2.6.0)
      commonjs (~> 0.2.7)
    libv8 (3.16.14.7)
    mail (2.6.1)
      mime-types (>= 1.16, < 3)
    memcache-client (1.8.5)
    memcachier (0.0.2)
    mime-types (2.4.2)
    mini_portile (0.6.0)
    minitest (4.7.5)
    morrisjs-rails (0.5.1)
      railties (> 3.1, < 5)
    multi_json (1.10.1)
    multi_xml (0.5.5)
    multipart-post (2.0.0)
    murmurhash3 (0.1.4)
    nested_has_many_through (0.0.2)
      rails (>= 3.0.0)
    newrelic_rpm (3.9.5.251)
    nokogiri (1.6.3.1)
      mini_portile (= 0.6.0)
    oauth2 (1.0.0)
      faraday (>= 0.8, < 0.10)
      jwt (~> 1.0)
      multi_json (~> 1.3)
      multi_xml (~> 0.5)
      rack (~> 1.2)
    omniauth (1.2.2)
      hashie (>= 1.2, < 4)
      rack (~> 1.0)
    omniauth-google-oauth2 (0.2.5)
      omniauth (> 1.0)
      omniauth-oauth2 (~> 1.1)
    omniauth-oauth2 (1.2.0)
      faraday (>= 0.8, < 0.10)
      multi_json (~> 1.3)
      oauth2 (~> 1.0)
      omniauth (~> 1.2)
    omniauth-openid (1.0.1)
      omniauth (~> 1.0)
      rack-openid (~> 1.3.1)
    paperclip (4.2.0)
      activemodel (>= 3.0.0)
      activesupport (>= 3.0.0)
      cocaine (~> 0.5.3)
      mime-types
    pg (0.17.1)
    premailer (1.8.2)
      css_parser (>= 1.3.5)
      htmlentities (>= 4.0.0)
    protected_attributes (1.0.8)
      activemodel (>= 4.0.1, < 5.0)
    quiet_assets (1.0.3)
      railties (>= 3.1, < 5.0)
    rack (1.5.2)
    rack-openid (1.3.1)
      rack (>= 1.1.0)
      ruby-openid (>= 2.1.8)
    rack-test (0.6.2)
      rack (>= 1.0)
    rails (4.0.10)
      actionmailer (= 4.0.10)
      actionpack (= 4.0.10)
      activerecord (= 4.0.10)
      activesupport (= 4.0.10)
      bundler (>= 1.3.0, < 2.0)
      railties (= 4.0.10)
      sprockets-rails (~> 2.0)
    rails-observers (0.1.2)
      activemodel (~> 4.0)
    rails_12factor (0.0.3)
      rails_serve_static_assets
      rails_stdout_logging
    rails_serve_static_assets (0.0.2)
    rails_stdout_logging (0.0.3)
    railties (4.0.10)
      actionpack (= 4.0.10)
      activesupport (= 4.0.10)
      rake (>= 0.8.7)
      thor (>= 0.18.1, < 2.0)
    rainbows (4.6.2)
      kgio (~> 2.5)
      rack (~> 1.1)
      unicorn (~> 4.8)
    raindrops (0.13.0)
    rake (10.3.2)
    raphaeljs-rails (2.1.2)
      railties
    redis (3.1.0)
    redis-actionpack (4.0.0)
      actionpack (~> 4)
      redis-rack (~> 1.5.0)
      redis-store (~> 1.1.0)
    redis-activesupport (4.0.0)
      activesupport (~> 4)
      redis-store (~> 1.1.0)
    redis-rack (1.5.0)
      rack (~> 1.5)
      redis-store (~> 1.1.0)
    redis-rails (4.0.0)
      redis-actionpack (~> 4)
      redis-activesupport (~> 4)
      redis-store (~> 1.1.0)
    redis-store (1.1.4)
      redis (>= 2.2)
    ref (1.0.5)
    request_store (1.1.0)
    ruby-openid (2.5.0)
    sass (3.2.19)
    sass-rails (4.0.3)
      railties (>= 4.0.0, < 5.0)
      sass (~> 3.2.0)
      sprockets (~> 2.8, <= 2.11.0)
      sprockets-rails (~> 2.0)
    sprockets (2.11.0)
      hike (~> 1.2)
      multi_json (~> 1.0)
      rack (~> 1.0)
      tilt (~> 1.1, != 1.3.0)
    sprockets-rails (2.2.0)
      actionpack (>= 3.0)
      activesupport (>= 3.0)
      sprockets (>= 2.8, < 4.0)
    therubyracer (0.12.1)
      libv8 (~> 3.16.14.0)
      ref
    thor (0.19.1)
    thread_safe (0.3.4)
    tilt (1.4.1)
    tzinfo (0.3.41)
    uglifier (2.5.3)
      execjs (>= 0.3.0)
      json (>= 1.8.0)
    unicorn (4.8.3)
      kgio (~> 2.6)
      rack
      raindrops (~> 0.7)
    unicorn-worker-killer (0.4.2)
      unicorn (~> 4)
    wicked_pdf (0.11.0)
      rails
    wkhtmltopdf-binary (0.9.9.3)
    yui-compressor (0.12.0)

PLATFORMS
  ruby

DEPENDENCIES
  RedCloth
  actionmailer_inline_css
  active_record_query_trace
  acts_as_list
  aws-sdk
  bitmask_attributes
  clockwork
  coffee-rails
  dalli
  delayed_job_active_record
  delocalize
  detect_timezone_rails
  em-http-request
  faraday
  font-awesome-sass
  heroku-deflater
  hobo
  hobo_bootstrap
  hobo_bootstrap_ui
  hobo_jquery_ui
  hobo_omniauth!
  hobo_paperclip!
  hobo_tokeninput!
  hobo_will_paginate
  jquery-rails
  jquery-ui-themes
  json
  less
  memcache-client
  memcachier
  morrisjs-rails
  murmurhash3
  nested_has_many_through
  newrelic_rpm
  omniauth-google-oauth2
  omniauth-openid
  paperclip
  pg
  protected_attributes
  quiet_assets
  rails (= 4.0.10)
  rails-observers
  rails_12factor
  rainbows
  raphaeljs-rails
  redis-rails
  request_store
  sass-rails
  therubyracer
  uglifier (>= 1.0.3)
  unicorn
  unicorn-worker-killer
  wicked_pdf
  wkhtmltopdf-binary
  yui-compressor
