GIT
  remote: git://github.com/Hobo/hobo_omniauth.git
  revision: 2cb81c9e85d10fd748be4a7ff0f95bba417bdda1
  specs:
    hobo_omniauth (0.0.1)
      hobo
      omniauth (~> 1.1)

GIT
  remote: git://github.com/Hobo/hobo_paperclip.git
  revision: abb4e77b849e78be9f1594b7304b71dc5a76157d
  branch: master
  specs:
    hobo_paperclip (0.0.4)
      hobo
      paperclip

GIT
  remote: git://github.com/Hobo/hobo_tokeninput.git
  revision: 271317004e0a3c6fd6083405b30193e3fbbae0ba
  specs:
    hobo_tokeninput (0.0.1)
      hobo (> 1.4.0.pre5)

GIT
  remote: git://github.com/ericallam/font_assets
  revision: 457dcfddc4318e83679e9a0935612924b7717085
  specs:
    font_assets (0.1.11)
      rack

GIT
  remote: git://github.com/gabriprat/morrisjs-rails
  revision: 7b3fd14fc43e5bb3b6b16a08c20e170075d52575
  specs:
    morrisjs-rails (0.5.1)
      railties (> 3.1, < 5)

GIT
  remote: git://github.com/informatom/hobo_bootstrap.git
  revision: 4ffde508a63890435eecf68c2f53c202b09eb642
  branch: bootstrap3
  specs:
    hobo_bootstrap (2.1.0)
      bootstrap-sass (~> 3.3.4)
      hobo_jquery (>= 2.0)
      hobo_will_paginate-bootstrap
      sass-rails (>= 3.2)
      sprockets-rails (>= 2.1.4)

GIT
  remote: git://github.com/informatom/hobo_bootstrap_ui.git
  revision: 3f5aa2009fd119670a2c0bab0b131190e1f32da5
  branch: bootstrap3
  specs:
    hobo_bootstrap_ui (2.1.1)
      bootstrap-datepicker-rails
      hobo_bootstrap (>= 2.0)

GEM
  remote: https://rubygems.org/
  specs:
    RedCloth (4.2.9)
    RedCloth (4.2.9-java)
    actionmailer (4.0.13)
      actionpack (= 4.0.13)
      mail (~> 2.5, >= 2.5.4)
    actionmailer_inline_css (1.5.3)
      actionmailer (>= 3.0.0)
      nokogiri (>= 1.4.4)
      premailer (>= 1.7.1)
    actionpack (4.0.13)
      activesupport (= 4.0.13)
      builder (~> 3.1.0)
      erubis (~> 2.7.0)
      rack (~> 1.5.2)
      rack-test (~> 0.6.2)
    active_record_query_trace (1.4)
    activemodel (4.0.13)
      activesupport (= 4.0.13)
      builder (~> 3.1.0)
    activerecord (4.0.13)
      activemodel (= 4.0.13)
      activerecord-deprecated_finders (~> 1.0.2)
      activesupport (= 4.0.13)
      arel (~> 4.0.0)
    activerecord-deprecated_finders (1.0.4)
    activerecord-jdbc-adapter (1.3.16)
      activerecord (>= 2.2)
    activerecord-jdbcpostgresql-adapter (1.3.16)
      activerecord-jdbc-adapter (~> 1.3.16)
      jdbc-postgres (>= 9.1)
    activesupport (4.0.13)
      i18n (~> 0.6, >= 0.6.9)
      minitest (~> 4.2)
      multi_json (~> 1.3)
      thread_safe (~> 0.1)
      tzinfo (~> 0.3.37)
    acts_as_list (0.7.2)
      activerecord (>= 3.0)
    addressable (2.3.8)
    ansi (1.5.0)
    arel (4.0.2)
    autoprefixer-rails (5.1.11)
      execjs
      json
    aws-sdk-v1 (1.64.0)
      json (~> 1.4)
      nokogiri (>= 1.4.4)
    bitmask_attributes (1.0.0)
      activerecord (>= 3.1)
    bootstrap-datepicker-rails (1.4.0)
      railties (>= 3.0)
    bootstrap-sass (3.3.4.1)
      autoprefixer-rails (>= 5.0.0.1)
      sass (>= 3.2.19)
    bootstrap-switch-rails (3.3.2)
    builder (3.1.4)
    climate_control (0.0.3)
      activesupport (>= 3.0)
    clockwork (1.2.0)
      activesupport
      tzinfo
    cocaine (0.5.7)
      climate_control (>= 0.0.3, < 1.0)
    coffee-rails (4.1.0)
      coffee-script (>= 2.2.0)
      railties (>= 4.0.0, < 5.0)
    coffee-script (2.4.1)
      coffee-script-source
      execjs
    coffee-script-source (1.9.1.1)
    css_parser (1.3.6)
      addressable
    dalli (2.7.4)
    delayed_job (4.0.6)
      activesupport (>= 3.0, < 5.0)
    delayed_job_active_record (4.0.3)
      activerecord (>= 3.0, < 5.0)
      delayed_job (>= 3.0, < 4.1)
    delocalize (0.4.0)
      rails (>= 3.0)
    detect_timezone_rails (0.0.5)
      railties (>= 3.1)
    dryml (2.1.1)
      actionpack (~> 4.0.2)
      hobo_support (= 2.1.1)
    erubis (2.7.0)
    excon (0.45.3)
    execjs (2.5.2)
    faraday (0.9.1)
      multipart-post (>= 1.2, < 3)
    hashie (3.4.1)
    heroku-deflater (0.5.3)
      rack (>= 1.4.5)
    hobo (2.1.1)
      dryml (= 2.1.1)
      hobo_fields (= 2.1.1)
      hobo_support (= 2.1.1)
      hobo_will_paginate
    hobo_fields (2.1.1)
      hobo_support (= 2.1.1)
    hobo_jquery (2.1.1)
      hobo_rapid (= 2.1.1)
      jquery-rails (~> 2.0)
    hobo_jquery_ui (2.1.1)
      hobo (= 2.1.1)
      hobo_jquery (= 2.1.1)
      jquery-ui-themes (~> 0.0.4)
    hobo_rapid (2.1.1)
      hobo (= 2.1.1)
    hobo_support (2.1.1)
      rails (~> 4.0.2)
    hobo_will_paginate (2.1.1)
    hobo_will_paginate-bootstrap (1.0.0)
      hobo_will_paginate
    htmlentities (4.3.3)
    http_accept_language (2.0.5)
    httparty (0.13.4)
      json (~> 1.8)
      multi_xml (>= 0.5.2)
    i18n (0.7.0)
    jdbc-postgres (9.4.1200)
    jquery-cookie-rails (1.3.1.1)
      railties (>= 3.2.0, < 5.0)
    jquery-rails (2.3.0)
      railties (>= 3.0, < 5.0)
      thor (>= 0.14, < 2.0)
    jquery-ui-themes (0.0.11)
      httparty
    json (1.8.2)
    json (1.8.2-java)
    jwt (1.5.0)
    macaddr (1.7.1)
      systemu (~> 2.6.2)
    mail (2.6.3)
      mime-types (>= 1.16, < 3)
    memcache-client (1.8.5)
    memcachier (0.0.2)
    mime-types (2.5)
    mini_portile (0.6.2)
    minitest (4.7.5)
    mixpanel-ruby (1.4.0)
    multi_json (1.11.0)
    multi_xml (0.5.5)
    multipart-post (2.0.0)
    murmurhash3 (0.1.6)
    murmurhash3 (0.1.6-java)
    nested_has_many_through (0.0.2)
      rails (>= 3.0.0)
    newrelic_rpm (3.12.0.288)
    nokogiri (1.6.6.2)
      mini_portile (~> 0.6.0)
    nokogiri (1.6.6.2-java)
    oauth2 (1.0.0)
      faraday (>= 0.8, < 0.10)
      jwt (~> 1.0)
      multi_json (~> 1.3)
      multi_xml (~> 0.5)
      rack (~> 1.2)
    omniauth (1.2.2)
      hashie (>= 1.2, < 4)
      rack (~> 1.0)
    omniauth-google-oauth2 (0.2.6)
      omniauth (> 1.0)
      omniauth-oauth2 (~> 1.1)
    omniauth-oauth2 (1.3.0)
      oauth2 (~> 1.0)
      omniauth (~> 1.2)
    omniauth-openid (1.0.1)
      omniauth (~> 1.0)
      rack-openid (~> 1.3.1)
    omniauth-saml (1.3.1)
      omniauth (~> 1.1)
      ruby-saml (~> 0.8.1)
    paperclip (4.2.1)
      activemodel (>= 3.0.0)
      activesupport (>= 3.0.0)
      cocaine (~> 0.5.3)
      mime-types
    paypal-sdk-rest (1.2.0)
      multi_json (~> 1.0)
      uuidtools (~> 2.1)
      xml-simple
    premailer (1.8.4)
      css_parser (>= 1.3.6)
      htmlentities (>= 4.0.0)
    protected_attributes (1.0.9)
      activemodel (>= 4.0.1, < 5.0)
    puma (2.11.2)
      rack (>= 1.1, < 2.0)
    puma (2.11.2-java)
      rack (>= 1.1, < 2.0)
    quiet_assets (1.1.0)
      railties (>= 3.1, < 5.0)
    rack (1.5.3)
    rack-openid (1.3.1)
      rack (>= 1.1.0)
      ruby-openid (>= 2.1.8)
    rack-test (0.6.3)
      rack (>= 1.0)
    rails (4.0.13)
      actionmailer (= 4.0.13)
      actionpack (= 4.0.13)
      activerecord (= 4.0.13)
      activesupport (= 4.0.13)
      bundler (>= 1.3.0, < 2.0)
      railties (= 4.0.13)
      sprockets-rails (~> 2.0)
    rails-observers (0.1.2)
      activemodel (~> 4.0)
    rails_12factor (0.0.3)
      rails_serve_static_assets
      rails_stdout_logging
    rails_serve_static_assets (0.0.4)
    rails_stdout_logging (0.0.3)
    railties (4.0.13)
      actionpack (= 4.0.13)
      activesupport (= 4.0.13)
      rake (>= 0.8.7)
      thor (>= 0.18.1, < 2.0)
    rake (10.4.2)
    raphaeljs-rails (2.1.2)
      railties
    request_store (1.1.0)
    ruby-hmac (0.4.0)
    ruby-openid (2.7.0)
    ruby-saml (0.8.2)
      nokogiri (>= 1.5.0)
      uuid (~> 2.3)
    sass (3.4.13)
    sass-rails (5.0.3)
      railties (>= 4.0.0, < 5.0)
      sass (~> 3.1)
      sprockets (>= 2.8, < 4.0)
      sprockets-rails (>= 2.0, < 4.0)
      tilt (~> 1.1)
    sprockets (3.1.0)
      rack (~> 1.0)
    sprockets-rails (2.3.1)
      actionpack (>= 3.0)
      activesupport (>= 3.0)
      sprockets (>= 2.8, < 4.0)
    systemu (2.6.5)
    thor (0.19.1)
    thread_safe (0.3.5)
    thread_safe (0.3.5-java)
    tilt (1.4.1)
    turn (0.9.7)
      ansi
      minitest (~> 4)
    tzinfo (0.3.44)
    uglifier (2.7.1)
      execjs (>= 0.3.0)
      json (>= 1.8.0)
    unscoped_associations (0.6.5)
      activerecord
    uuid (2.3.7)
      macaddr (~> 1.0)
    uuidtools (2.1.5)
    wicked_pdf (0.11.0)
      rails
    xml-simple (1.1.5)
    yui-compressor (0.12.0)

PLATFORMS
  java
  ruby

DEPENDENCIES
  RedCloth
  actionmailer_inline_css
  active_record_query_trace
  activerecord-jdbcpostgresql-adapter
  acts_as_list
  aws-sdk-v1
  bitmask_attributes
  bootstrap-sass (~> 3.3.4)
  bootstrap-switch-rails
  clockwork
  coffee-rails
  dalli
  delayed_job_active_record
  delocalize
  detect_timezone_rails
  excon
  faraday
  font_assets!
  heroku-deflater
  hobo
  hobo_bootstrap!
  hobo_bootstrap_ui!
  hobo_fields
  hobo_jquery_ui
  hobo_omniauth!
  hobo_paperclip!
  hobo_tokeninput!
  hobo_will_paginate
  http_accept_language
  jquery-cookie-rails
  jquery-rails
  jquery-ui-themes
  json
  memcache-client
  memcachier
  minitest
  mixpanel-ruby (~> 1.4.0)
  morrisjs-rails!
  murmurhash3
  nested_has_many_through
  newrelic_rpm
  omniauth-google-oauth2
  omniauth-openid
  omniauth-saml
  paperclip
  paypal-sdk-rest
  protected_attributes
  puma
  quiet_assets
  rails (= 4.0.13)
  rails-observers
  rails_12factor
  rake
  raphaeljs-rails
  request_store
  ruby-hmac
  ruby-openid
  sass-rails
  turn
  uglifier (>= 1.3.0)
  unscoped_associations
  wicked_pdf
  yui-compressor
